PATH
  remote: /Users/ben/Dev/GitHub/sequel
  specs:
    sequel (5.18.0)

GEM
  remote: https://rubygems.org/
  specs:
    addressable (2.6.0)
      public_suffix (>= 2.0.2, < 4.0)
    coderay (1.1.2)
    method_source (0.9.2)
    pry (0.12.2)
      coderay (~> 1.1.0)
      method_source (~> 0.9.0)
    public_suffix (3.0.3)
    sqlite3 (1.4.0)

PLATFORMS
  ruby

DEPENDENCIES
  addressable
  pry
  sequel!
  sqlite3

RUBY VERSION
   ruby 2.5.1p57

BUNDLED WITH
   1.16.1
